GEM
  remote: https://rubygems.org/
  specs:
    colored2 (3.0.0)
    datet (0.0.25)
    http2 (0.0.32)
      string-cases (~> 0)
    knjrbfw (0.0.113)
      datet
      http2
      php4r
      ruby_process
      tsafe
      wref (>= 0.0.8)
    php4r (0.0.4)
      datet
      http2
      string-strtr
    rb_lovely (0.7.3)
    ruby_process (0.0.13)
      string-cases
      tsafe
      wref
    string-cases (0.0.4)
    string-strtr (0.0.3)
    tsafe (0.0.12)
    wref (0.0.8)

PLATFORMS
  ruby

DEPENDENCIES
  colored2
  knjrbfw
  rb_lovely

BUNDLED WITH
   1.13.6
